GIT
  remote: https://github.com/discourse/translations-manager.git
  revision: 7fe7d67f53fe917341b7abfb101b529be264fc8d
  specs:
    translations-manager (0.4)

GEM
  specs:

PLATFORMS
  ruby

DEPENDENCIES
  translations-manager!

BUNDLED WITH
   1.17.3
